PATH
  remote: .
  specs:
    vipruby (0.1.5)
      json (~> 1.8)
      rest-client (= 1.7.2)

GEM
  remote: https://rubygems.org/
  specs:
    json (1.8.1)
    mime-types (2.4.3)
    netrc (0.8.0)
    rest-client (1.7.2)
      mime-types (>= 1.16, < 3.0)
      netrc (~> 0.7)

PLATFORMS
  ruby

DEPENDENCIES
  vipruby!
